GEM
  remote: http://rubygems.org/
  specs:
    atom (0.3)
    httparty (0.14.0)
      multi_xml (>= 0.5.2)
    json (1.8.3)
    mini_portile2 (2.1.0)
    multi_xml (0.5.5)
    nokogiri (1.6.8)
      mini_portile2 (~> 2.1.0)
      pkg-config (~> 1.1.7)
    pkg-config (1.1.7)
    rack (1.6.4)
    rack-protection (1.5.3)
      rack
    redis (3.3.1)
    sentimental (1.4.0)
      json (~> 1.8, >= 1.8.3)
    simple-rss (1.3.1)
    sinatra (1.4.7)
      rack (~> 1.5)
      rack-protection (~> 1.4)
      tilt (>= 1.3, < 3)
    tilt (2.0.5)

PLATFORMS
  ruby

DEPENDENCIES
  atom
  httparty
  json
  nokogiri
  redis
  sentimental
  simple-rss
  sinatra

BUNDLED WITH
   1.11.2
